GEM
  remote: https://rubygems.org/
  specs:
    minitest (5.6.1)
    rmagick (2.15.0)

PLATFORMS
  ruby

DEPENDENCIES
  minitest
  rmagick
